GIT
  remote: git://github.com/eszyn/deploy.git
  revision: e830181333d02b7470bdb617e194a4a2db51a4a8
  specs:
    deploy (0.0.6)

GEM
  remote: https://rubygems.org/
  specs:
    actionmailer (4.0.0)
      actionpack (= 4.0.0)
      mail (~> 2.5.3)
    actionpack (4.0.0)
      activesupport (= 4.0.0)
      builder (~> 3.1.0)
      erubis (~> 2.7.0)
      rack (~> 1.5.2)
      rack-test (~> 0.6.2)
    activemodel (4.0.0)
      activesupport (= 4.0.0)
      builder (~> 3.1.0)
    activerecord (4.0.0)
      activemodel (= 4.0.0)
      activerecord-deprecated_finders (~> 1.0.2)
      activesupport (= 4.0.0)
      arel (~> 4.0.0)
    activerecord-deprecated_finders (1.0.4)
    activesupport (4.0.0)
      i18n (~> 0.6, >= 0.6.4)
      minitest (~> 4.2)
      multi_json (~> 1.3)
      thread_safe (~> 0.1)
      tzinfo (~> 0.3.37)
    addressable (2.4.0)
    arel (4.0.2)
    bcrypt (3.1.11)
    bcrypt-ruby (3.0.1)
    better_errors (2.1.1)
      coderay (>= 1.0.0)
      erubis (>= 2.6.6)
      rack (>= 0.9.0)
    binding_of_caller (0.7.2)
      debug_inspector (>= 0.0.1)
    bootstrap-sass (3.1.0.2)
      sass (~> 3.2)
    bootstrap-sass-rails (3.1.0.0)
      bootstrap-sass (~> 3.1.0.0)
      railties (>= 3.2.0)
      sass-rails (>= 3.2.0)
    bootstrap-will_paginate (0.0.10)
      will_paginate
    builder (3.1.4)
    cancan (1.6.10)
    capybara (2.10.1)
      addressable
      mime-types (>= 1.16)
      nokogiri (>= 1.3.3)
      rack (>= 1.0.0)
      rack-test (>= 0.5.4)
      xpath (~> 2.0)
    certified (1.0.0)
    coderay (1.1.1)
    coffee-rails (4.0.1)
      coffee-script (>= 2.2.0)
      railties (>= 4.0.0, < 5.0)
    coffee-script (2.4.1)
      coffee-script-source
      execjs
    coffee-script-source (1.10.0)
    css_parser (1.4.6)
      addressable
    daemons (1.2.4)
    database_cleaner (1.5.3)
    debug_inspector (0.0.2)
    devise (3.5.10)
      bcrypt (~> 3.0)
      orm_adapter (~> 0.1)
      railties (>= 3.2.6, < 5)
      responders
      thread_safe (~> 0.1)
      warden (~> 1.2.3)
    diff-lcs (1.2.5)
    email_spec (1.6.0)
      launchy (~> 2.1)
      mail (~> 2.2)
    erubis (2.7.0)
    eventmachine (1.2.0.1)
    execjs (2.7.0)
    factory_girl (4.7.0)
      activesupport (>= 3.0.0)
    factory_girl_rails (4.7.0)
      factory_girl (~> 4.7.0)
      railties (>= 3.0.0)
    faker (1.0.1)
      i18n (~> 0.4)
    font-awesome-rails (4.7.0.0)
      railties (>= 3.2, < 5.1)
    friendly_id (5.0.3)
      activerecord (>= 4.0.0)
    hike (1.2.3)
    htmlentities (4.3.4)
    i18n (0.7.0)
    jquery-rails (3.1.4)
      railties (>= 3.0, < 5.0)
      thor (>= 0.14, < 2.0)
    jquery-ui-rails (5.0.5)
      railties (>= 3.2.16)
    launchy (2.4.3)
      addressable (~> 2.3)
    libv8 (3.16.14.15)
    mail (2.5.4)
      mime-types (~> 1.16)
      treetop (~> 1.4.8)
    mail_view (2.0.4)
      tilt
    mime-types (1.25.1)
    mini_portile2 (2.1.0)
    minitest (4.7.5)
    multi_json (1.12.1)
    nokogiri (1.6.8.1)
      mini_portile2 (~> 2.1.0)
    orm_adapter (0.5.0)
    polyglot (0.3.5)
    premailer (1.8.7)
      css_parser (>= 1.4.5)
      htmlentities (>= 4.0.0)
    premailer-rails (1.9.4)
      actionmailer (>= 3, < 6)
      premailer (~> 1.7, >= 1.7.9)
    rack (1.5.5)
    rack-test (0.6.3)
      rack (>= 1.0)
    rails (4.0.0)
      actionmailer (= 4.0.0)
      actionpack (= 4.0.0)
      activerecord (= 4.0.0)
      activesupport (= 4.0.0)
      bundler (>= 1.3.0, < 2.0)
      railties (= 4.0.0)
      sprockets-rails (~> 2.0.0)
    railties (4.0.0)
      actionpack (= 4.0.0)
      activesupport (= 4.0.0)
      rake (>= 0.8.7)
      thor (>= 0.18.1, < 2.0)
    rake (11.3.0)
    ref (2.0.0)
    rename (1.0.2)
      rails (>= 3.0.0)
    responders (1.1.2)
      railties (>= 3.2, < 4.2)
    rolify (5.1.0)
    rspec-collection_matchers (1.1.2)
      rspec-expectations (>= 2.99.0.beta1)
    rspec-core (2.99.2)
    rspec-expectations (2.99.2)
      diff-lcs (>= 1.1.3, < 2.0)
    rspec-mocks (2.99.4)
    rspec-rails (2.99.0)
      actionpack (>= 3.0)
      activemodel (>= 3.0)
      activesupport (>= 3.0)
      railties (>= 3.0)
      rspec-collection_matchers
      rspec-core (~> 2.99.0)
      rspec-expectations (~> 2.99.0)
      rspec-mocks (~> 2.99.0)
    sass (3.2.19)
    sass-rails (4.0.5)
      railties (>= 4.0.0, < 5.0)
      sass (~> 3.2.2)
      sprockets (~> 2.8, < 3.0)
      sprockets-rails (~> 2.0)
    sprockets (2.12.4)
      hike (~> 1.2)
      multi_json (~> 1.0)
      rack (~> 1.0)
      tilt (~> 1.1, != 1.3.0)
    sprockets-rails (2.0.1)
      actionpack (>= 3.0)
      activesupport (>= 3.0)
      sprockets (~> 2.8)
    sqlite3 (1.3.12)
    therubyracer (0.12.2)
      libv8 (~> 3.16.14.0)
      ref
    thin (1.7.0)
      daemons (~> 1.0, >= 1.0.9)
      eventmachine (~> 1.0, >= 1.0.4)
      rack (>= 1, < 3)
    thor (0.19.1)
    thread_safe (0.3.5)
    tilt (1.4.1)
    treetop (1.4.15)
      polyglot
      polyglot (>= 0.3.1)
    tzinfo (0.3.51)
    uglifier (3.0.3)
      execjs (>= 0.3.0, < 3)
    warden (1.2.6)
      rack (>= 1.0)
    will_paginate (3.0.3)
    xpath (2.0.0)
      nokogiri (~> 1.3)

PLATFORMS
  ruby

DEPENDENCIES
  bcrypt-ruby (= 3.0.1)
  better_errors
  binding_of_caller
  bootstrap-sass-rails
  bootstrap-will_paginate
  cancan
  capybara
  certified
  coffee-rails
  database_cleaner
  deploy!
  devise
  email_spec
  factory_girl_rails
  faker (= 1.0.1)
  font-awesome-rails
  friendly_id (= 5.0.3)
  jquery-rails
  jquery-ui-rails
  mail_view (~> 2.0.4)
  nokogiri
  premailer-rails
  rails (= 4.0.0)
  rename
  rolify
  rspec-rails (~> 2.14)
  sass-rails (~> 4.0.0)
  sqlite3
  therubyracer
  thin
  uglifier (>= 1.3.0)
  will_paginate (= 3.0.3)

RUBY VERSION
   ruby 2.0.0p247

BUNDLED WITH
   1.13.6
